{
	"Modality": "MR",
	"MagneticFieldStrength": 3,
	"Manufacturer": "Siemens",
	"ManufacturersModelName": "Prisma",
	"InstitutionName": "Princeton_University",
	"InstitutionalDepartmentName": "NeuroScience",
	"InstitutionAddress": "Stadium_1952_Princeton_NJ_US_08544",
	"DeviceSerialNumber": "66018",
	"StationName": "AWP66018",
	"BodyPartExamined": "BRAIN",
	"PatientPosition": "HFS",
	"ProcedureStepDescription": "Norman_jamal",
	"SoftwareVersions": "syngo_MR_E11",
	"MRAcquisitionType": "2D",
	"SeriesDescription": "BOLD_Minn_SMS8_2.0mm",
	"ProtocolName": "BOLD_Minn_SMS8_2.0mm",
	"ScanningSequence": "EP",
	"SequenceVariant": "SK_SS",
	"ScanOptions": "FS",
	"SequenceName": "epfid2d1_104",
	"ImageType": ["ORIGINAL", "PRIMARY", "M", "MB", "ND", "MOSAIC"],
	"SeriesNumber": 4,
	"AcquisitionTime": "14:23:14.657500",
	"AcquisitionNumber": 1,
	"ImageComments": "Unaliased_MB8_PE3_LB",
	"SliceThickness": 2,
	"SpacingBetweenSlices": 2,
	"SAR": 0.0647911,
	"EchoTime": 0.037,
	"RepetitionTime": 1,
	"FlipAngle": 60,
	"PartialFourier": 1,
	"BaseResolution": 104,
	"ShimSetting": [
		746,
		518,
		2058,
		618,
		-74,
		-65,
		172,
		59	],
	"TxRefAmp": 225.519,
	"PhaseResolution": 1,
	"ReceiveCoilName": "HeadNeck_64",
	"ReceiveCoilActiveElements": "HC1-7;NC1",
	"PulseSequenceDetails": "%CustomerSeq%_cmrr_mbep2d_bold",
	"ConsistencyInfo": "N4_VE11C_LATEST_20160120",
	"MultibandAccelerationFactor": 8,
	"PercentPhaseFOV": 100,
	"EchoTrainLength": 104,
	"PhaseEncodingSteps": 104,
	"AcquisitionMatrixPE": 104,
	"ReconMatrixPE": 104,
	"BandwidthPerPixelPhaseEncode": 16.578,
	"EffectiveEchoSpacing": 0.000580009,
	"DerivedVendorReportedEchoSpacing": 0.000580009,
	"TotalReadoutTime": 0.0597409,
	"PixelBandwidth": 2290,
	"DwellTime": 2.1e-06,
	"PhaseEncodingDirection": "j-",
	"SliceTiming": [
		0,
		0.545,
		0.11,
		0.655,
		0.2175,
		0.7625,
		0.3275,
		0.8725,
		0.435,
		0,
		0.545,
		0.11,
		0.655,
		0.2175,
		0.7625,
		0.3275,
		0.8725,
		0.435,
		0,
		0.545,
		0.11,
		0.655,
		0.2175,
		0.7625,
		0.3275,
		0.8725,
		0.435,
		0,
		0.545,
		0.11,
		0.655,
		0.2175,
		0.7625,
		0.3275,
		0.8725,
		0.435,
		0,
		0.545,
		0.11,
		0.655,
		0.2175,
		0.7625,
		0.3275,
		0.8725,
		0.435,
		0,
		0.545,
		0.11,
		0.655,
		0.2175,
		0.7625,
		0.3275,
		0.8725,
		0.435,
		0,
		0.545,
		0.11,
		0.655,
		0.2175,
		0.7625,
		0.3275,
		0.8725,
		0.435,
		0,
		0.545,
		0.11,
		0.655,
		0.2175,
		0.7625,
		0.3275,
		0.8725,
		0.435	],
	"ImageOrientationPatientDICOM": [
		1,
		0,
		0,
		0,
		1,
		0	],
	"InPlanePhaseEncodingDirectionDICOM": "COL",
	"ConversionSoftware": "dcm2niix",
	"ConversionSoftwareVersion": "v1.0.20180518 GCC4.8.5"
}
